GEM
  remote: http://rubygems.org/
  specs:
    activesupport (3.2.11)
      i18n (~> 0.6)
      multi_json (~> 1.0)
    em-irc (0.0.2)
      activesupport
      eventmachine
    eventmachine (1.0.0)
    i18n (0.6.1)
    multi_json (1.5.0)

PLATFORMS
  ruby

DEPENDENCIES
  em-irc
